GEM
  remote: https://rubygems.org/
  specs:
    coderay (1.1.3)
    dotenv (2.7.6)
    eventmachine (1.2.7)
    method_source (1.0.0)
    mysql2 (0.5.3)
    pry (0.14.1)
      coderay (~> 1.1)
      method_source (~> 1.0)

PLATFORMS
  ruby

DEPENDENCIES
  dotenv
  eventmachine
  mysql2
  pry

BUNDLED WITH
   1.17.2
